PATH
  remote: .
  specs:
    auto-seeding (0.1.0)

GEM
  remote: https://rubygems.org/
  specs:

PLATFORMS
  ruby

DEPENDENCIES
  auto-seeding!

BUNDLED WITH
   1.15.4
